PATH
  remote: .
  specs:
    doc_wrapper (0.9.2)
      activesupport (>= 3.0.0)

GEM
  remote: http://rubygems.org/
  specs:
    ZenTest (4.4.2)
    activesupport (3.0.5)
    diff-lcs (1.1.2)
    nokogiri (1.4.4)
    nokogiri (1.4.4-java)
      weakling (>= 0.0.3)
    rspec (2.5.0)
      rspec-core (~> 2.5.0)
      rspec-expectations (~> 2.5.0)
      rspec-mocks (~> 2.5.0)
    rspec-core (2.5.1)
    rspec-expectations (2.5.0)
      diff-lcs (~> 1.1.2)
    rspec-mocks (2.5.0)
    weakling (0.0.4-java)

PLATFORMS
  java
  ruby

DEPENDENCIES
  ZenTest
  bundler (>= 1.0.0)
  doc_wrapper!
  nokogiri
  rspec (>= 2.0.0)
