PATH
  remote: .
  specs:
    doc_wrapper (0.9.5)
      activesupport (>= 3.0.0)

GEM
  remote: https://rubygems.org/
  specs:
    ZenTest (4.4.2)
    activesupport (4.2.0)
      i18n (~> 0.7)
      json (~> 1.7, >= 1.7.7)
      minitest (~> 5.1)
      thread_safe (~> 0.3, >= 0.3.4)
      tzinfo (~> 1.1)
    diff-lcs (1.1.2)
    i18n (0.7.0)
    json (1.8.2)
    json (1.8.2-java)
    minitest (5.5.1)
    nokogiri (1.4.4)
    nokogiri (1.4.4-java)
      weakling (>= 0.0.3)
    rspec (2.5.0)
      rspec-core (~> 2.5.0)
      rspec-expectations (~> 2.5.0)
      rspec-mocks (~> 2.5.0)
    rspec-core (2.5.1)
    rspec-expectations (2.5.0)
      diff-lcs (~> 1.1.2)
    rspec-mocks (2.5.0)
    thread_safe (0.3.4)
    thread_safe (0.3.4-java)
    tzinfo (1.2.2)
      thread_safe (~> 0.1)
    weakling (0.0.4-java)

PLATFORMS
  java
  ruby

DEPENDENCIES
  ZenTest
  bundler (>= 1.0.0)
  doc_wrapper!
  nokogiri
  rspec (>= 2.0.0)
